PATH
  remote: .
  specs:
    pokemon_go (0.1.0)

GEM
  remote: https://rubygems.org/
  specs:
    coderay (1.1.1)
    method_source (0.8.2)
    minitest (5.9.0)
    minitest-color (0.0.2)
      minitest (~> 5)
    pry (0.10.4)
      coderay (~> 1.1.0)
      method_source (~> 0.8.1)
      slop (~> 3.4)
    rake (10.5.0)
    slop (3.6.0)

PLATFORMS
  ruby

DEPENDENCIES
  bundler (~> 1.12)
  minitest (~> 5.9)
  minitest-color (~> 0.0.2)
  pokemon_go!
  pry (~> 0.10)
  rake (~> 10.0)

BUNDLED WITH
   1.12.5
